PATH
  remote: .
  specs:
    light_gallery_rails (1.3.0)

GEM
  remote: https://rubygems.org/
  specs:

PLATFORMS
  ruby

DEPENDENCIES
  light_gallery_rails!

BUNDLED WITH
   1.17.2
